PATH
  remote: .
  specs:
    rb2048 (1.0.0)
      curses (~> 1.4.4)

GEM
  remote: https://rubygems.org/
  specs:
    curses (1.4.4)
    minitest (5.16.2)
    rake (13.0.6)

PLATFORMS
  arm64-darwin-21

DEPENDENCIES
  minitest (~> 5.0)
  rake (~> 13.0)
  rb2048!

BUNDLED WITH
   2.3.4
